GEM
  remote: http://rubygems.org/
  specs:
    autotest (4.3.2)
    autotest-growl (0.2.6)
    diff-lcs (1.1.2)
    git (1.2.5)
    jeweler (1.5.0.pre3)
      bundler (~> 1.0.0)
      git (>= 1.2.5)
      rake
    json (1.4.6)
    mime-types (1.16)
    rake (0.8.7)
    rcov (0.9.9)
    rest-client (1.6.0)
      mime-types (>= 1.16)
    rspec (2.0.0.beta.22)
      rspec-core (= 2.0.0.beta.22)
      rspec-expectations (= 2.0.0.beta.22)
      rspec-mocks (= 2.0.0.beta.22)
    rspec-core (2.0.0.beta.22)
    rspec-expectations (2.0.0.beta.22)
      diff-lcs (>= 1.1.2)
    rspec-mocks (2.0.0.beta.22)
      rspec-core (= 2.0.0.beta.22)
      rspec-expectations (= 2.0.0.beta.22)
    yard (0.6.1)

PLATFORMS
  ruby

DEPENDENCIES
  autotest
  autotest-growl
  bundler (~> 1.0.0)
  jeweler (~> 1.5.0.pre3)
  json
  rcov
  rest-client
  rspec (>= 2.0.0.beta.19)
  yard (~> 0.6.0)
